PATH
  remote: .
  specs:
    deb-s3 (0.11.6)
      aws-sdk-s3 (~> 1)
      thor (~> 0.19.0)

GEM
  remote: https://rubygems.org/
  specs:
    aws-eventstream (1.2.0)
    aws-partitions (1.574.0)
    aws-sdk-core (3.130.0)
      aws-eventstream (~> 1, >= 1.0.2)
      aws-partitions (~> 1, >= 1.525.0)
      aws-sigv4 (~> 1.1)
      jmespath (~> 1.0)
    aws-sdk-kms (1.55.0)
      aws-sdk-core (~> 3, >= 3.127.0)
      aws-sigv4 (~> 1.1)
    aws-sdk-s3 (1.113.0)
      aws-sdk-core (~> 3, >= 3.127.0)
      aws-sdk-kms (~> 1)
      aws-sigv4 (~> 1.4)
    aws-sigv4 (1.4.0)
      aws-eventstream (~> 1, >= 1.0.2)
    jmespath (1.6.1)
    minitest (5.14.4)
    rake (13.0.3)
    thor (0.19.4)

PLATFORMS
  ruby

DEPENDENCIES
  deb-s3!
  minitest (~> 5)
  rake (>= 12.3.3)

BUNDLED WITH
   2.1.4
