PATH
  remote: .
  specs:
    deb-s3 (0.11.1)
      aws-sdk (~> 2)
      thor (~> 0.19.0)

GEM
  remote: https://rubygems.org/
  specs:
    aws-eventstream (1.1.0)
    aws-sdk (2.11.545)
      aws-sdk-resources (= 2.11.545)
    aws-sdk-core (2.11.545)
      aws-sigv4 (~> 1.0)
      jmespath (~> 1.0)
    aws-sdk-resources (2.11.545)
      aws-sdk-core (= 2.11.545)
    aws-sigv4 (1.2.1)
      aws-eventstream (~> 1, >= 1.0.2)
    jmespath (1.4.0)
    minitest (5.14.0)
    rake (13.0.1)
    thor (0.19.4)

PLATFORMS
  ruby

DEPENDENCIES
  deb-s3!
  minitest (~> 5)
  rake (>= 12.3.3)

BUNDLED WITH
   2.1.2
